GEM
  remote: http://rubygems.org/
  specs:
    hoe (2.12.3)
      rake (~> 0.8)
    oniguruma (1.1.0)
    plist (3.1.0)
    rake (0.8.7)
    rdoc (3.9.4)

PLATFORMS
  ruby

DEPENDENCIES
  hoe
  oniguruma
  plist (>= 3.0.1)
  rake (= 0.8.7)
  rdoc
