PATH
  remote: .
  specs:
    textpow1x (0.11.0)
      plist (>= 3.0.1)

GEM
  remote: http://rubygems.org/
  specs:
    diff-lcs (1.1.3)
    oniguruma (1.1.0)
    plist (3.1.0)
    rake (0.8.7)
    rspec (2.6.0)
      rspec-core (~> 2.6.0)
      rspec-expectations (~> 2.6.0)
      rspec-mocks (~> 2.6.0)
    rspec-core (2.6.4)
    rspec-expectations (2.6.0)
      diff-lcs (~> 1.1.2)
    rspec-mocks (2.6.0)

PLATFORMS
  ruby

DEPENDENCIES
  oniguruma
  rake (= 0.8.7)
  rspec
  textpow1x!
