GEM
  remote: http://rubygems.org/
  specs:
    hoe (2.12.3)
      rake (~> 0.8)
    plist (3.1.0)
    rake (0.9.2)

PLATFORMS
  ruby

DEPENDENCIES
  hoe
  plist (>= 3.0.1)
  rake
